GEM
  remote: https://rubygems.org/
  specs:
    bigdecimal (3.2.3)
    google-protobuf (4.32.1)
      bigdecimal
      rake (>= 13)
    googleapis-common-protos-types (1.21.0)
      google-protobuf (~> 4.26)
    grpc (1.75.0)
      google-protobuf (>= 3.25, < 5.0)
      googleapis-common-protos-types (~> 1.0)
    rake (13.3.0)

PLATFORMS
  ruby

DEPENDENCIES
  google-protobuf (~> 4.0)
  grpc (~> 1.34)

BUNDLED WITH
   2.6.2
