GEM
  remote: https://rubygems.org/
  specs:
    bigdecimal (3.1.8)
    google-protobuf (4.28.1)
      bigdecimal
      rake (>= 13)
    googleapis-common-protos-types (1.15.0)
      google-protobuf (>= 3.18, < 5.a)
    grpc (1.66.0)
      google-protobuf (>= 3.25, < 5.0)
      googleapis-common-protos-types (~> 1.0)
    rake (13.2.1)

PLATFORMS
  ruby

DEPENDENCIES
  google-protobuf (~> 4.0)
  grpc (~> 1.34)

BUNDLED WITH
   2.1.4
