GEM
  remote: https://rubygems.org/
  specs:
    google-protobuf (4.26.1)
      rake (>= 13)
    googleapis-common-protos-types (1.15.0)
      google-protobuf (>= 3.18, < 5.a)
    grpc (1.65.2)
      google-protobuf (>= 3.25, < 5.0)
      googleapis-common-protos-types (~> 1.0)
    rake (13.2.1)

PLATFORMS
  ruby

DEPENDENCIES
  google-protobuf (~> 4.0)
  grpc (~> 1.34)

BUNDLED WITH
   2.1.4
